GEM
  remote: https://rubygems.org/
  specs:
    concurrent-ruby (1.1.10)
    interop (0.3.1)
    pads (1.1.0)
      interop (~> 0.3.1)
    tzinfo (2.0.4)
      concurrent-ruby (~> 1.0)

PLATFORMS
  x86_64-darwin-21

DEPENDENCIES
  pads (~> 1.1.0)
  tzinfo

BUNDLED WITH
   2.3.5
